REDIRECTS: ON
COPY-LOCAL: TRUE
RESTRICTION: == net461
NUGET
  remote: https://api.nuget.org/v3/index.json
    FAKE (4.63)
