REDIRECTS: ON
NUGET
  remote: https://www.nuget.org/api/v2
    UnionArgParser (0.9)
