REDIRECTS: FORCE
COPY-LOCAL: TRUE
RESTRICTION: || (== net45) (== net461)
NUGET
  remote: https://www.nuget.org/api/v2
    Newtonsoft.Json (10.0.3)
    NUnit (3.9)
    SpecFlow (2.2.1)
      Newtonsoft.Json (>= 9.0.1)
    SpecFlow.NUnit (2.2.1)
      NUnit (>= 3.0)
      SpecFlow (2.2.1)
