REDIRECTS: ON
COPY-LOCAL: TRUE
FRAMEWORK: >= NET461
NUGET
  remote: http://api.nuget.org/v3/index.json
    Newtonsoft.Json (9.0.1)
  remote: https://www.myget.org/F/idamfwinpkgs
    SterlingPhone.Unofficial (1.6.1)
